PATH
  remote: .
  specs:
    proplog (0.0.1)

GEM
  remote: https://rubygems.org/
  specs:
    ast (2.0.0)
    highline (1.6.20)
    json (1.8.1)
    parser (2.1.9)
      ast (>= 1.1, < 3.0)
      slop (~> 3.4, >= 3.4.5)
    powerpack (0.0.9)
    rainbow (2.0.0)
    rake (10.3.1)
    rubocop (0.22.0)
      json (>= 1.7.7, < 2)
      parser (~> 2.1.9)
      powerpack (~> 0.0.6)
      rainbow (>= 1.99.1, < 3.0)
      ruby-progressbar (~> 1.4)
    ruby-progressbar (1.5.1)
    slop (3.5.0)

PLATFORMS
  ruby

DEPENDENCIES
  bundler (~> 1.3)
  highline
  proplog!
  rake
  rubocop
