PATH
  remote: .
  specs:
    proplog (0.0.1)

GEM
  remote: https://rubygems.org/
  specs:
    rake (10.3.1)

PLATFORMS
  ruby

DEPENDENCIES
  bundler (~> 1.3)
  proplog!
  rake
